PATH
  remote: ../..
  specs:
    graphql-hive (0.5.3)
      graphql (>= 2.3, < 3)

GEM
  remote: https://rubygems.org/
  specs:
    base64 (0.2.0)
    graphql (2.3.7)
      base64
    multi_json (1.15.0)
    mustermann (2.0.2)
      ruby2_keywords (~> 0.0.1)
    nio4r (2.7.3)
    puma (6.4.2)
      nio4r (~> 2.0)
    racc (1.8.0)
    rack (2.2.9)
    rack-contrib (2.5.0)
      rack (< 4)
    rack-protection (2.2.4)
      rack
    ruby2_keywords (0.0.5)
    sinatra (2.2.4)
      mustermann (~> 2.0)
      rack (~> 2.2)
      rack-protection (= 2.2.4)
      tilt (~> 2.0)
    sinatra-contrib (2.2.4)
      multi_json
      mustermann (~> 2.0)
      rack-protection (= 2.2.4)
      sinatra (= 2.2.4)
      tilt (~> 2.0)
    tilt (2.4.0)

PLATFORMS
  ruby

DEPENDENCIES
  graphql (~> 2)
  graphql-hive!
  puma (~> 6)
  racc
  rack-contrib (~> 2)
  sinatra (~> 2)
  sinatra-contrib

BUNDLED WITH
   2.5.15
